PATH
  remote: .
  specs:
    smokes (0.1.2)
      colorize
      nokogiri
      os
      selenium-webdriver
      thor
      toml-rb
      tty-prompt
      yaml-lint

GEM
  remote: https://rubygems.org/
  specs:
    childprocess (0.9.0)
      ffi (~> 1.0, >= 1.0.11)
    citrus (3.0.2)
    coderay (1.1.2)
    colorize (0.8.1)
    diff-lcs (1.3)
    equatable (0.5.0)
    ffi (1.9.25)
    hitimes (1.3.0)
    method_source (0.9.0)
    mini_portile2 (2.3.0)
    necromancer (0.4.0)
    nokogiri (1.8.4)
      mini_portile2 (~> 2.3.0)
    os (1.0.0)
    pastel (0.7.2)
      equatable (~> 0.5.0)
      tty-color (~> 0.4.0)
    pry (0.11.3)
      coderay (~> 1.1.0)
      method_source (~> 0.9.0)
    rake (10.5.0)
    rspec (3.8.0)
      rspec-core (~> 3.8.0)
      rspec-expectations (~> 3.8.0)
      rspec-mocks (~> 3.8.0)
    rspec-core (3.8.0)
      rspec-support (~> 3.8.0)
    rspec-expectations (3.8.1)
      diff-lcs (>= 1.2.0, < 2.0)
      rspec-support (~> 3.8.0)
    rspec-mocks (3.8.0)
      diff-lcs (>= 1.2.0, < 2.0)
      rspec-support (~> 3.8.0)
    rspec-support (3.8.0)
    rubyzip (1.2.1)
    selenium-webdriver (3.14.0)
      childprocess (~> 0.5)
      rubyzip (~> 1.2)
    thor (0.20.0)
    timers (4.1.2)
      hitimes
    toml-rb (1.1.2)
      citrus (~> 3.0, > 3.0)
    tty-color (0.4.3)
    tty-cursor (0.6.0)
    tty-prompt (0.17.0)
      necromancer (~> 0.4.0)
      pastel (~> 0.7.0)
      timers (~> 4.0)
      tty-cursor (~> 0.6.0)
      tty-reader (~> 0.4.0)
    tty-reader (0.4.0)
      tty-cursor (~> 0.6.0)
      tty-screen (~> 0.6.4)
      wisper (~> 2.0.0)
    tty-screen (0.6.5)
    wisper (2.0.0)
    yaml-lint (0.0.10)

PLATFORMS
  ruby

DEPENDENCIES
  bundler (~> 1.16)
  pry
  rake (~> 10.0)
  rspec (~> 3.0)
  smokes!

BUNDLED WITH
   1.16.3
